GEM
  remote: https://rubygems.org/
  specs:
    obfuscate (0.1.1)
      otherinbox-crypt19 (~> 1.2.1)
    otherinbox-crypt19 (1.2.1)

PLATFORMS
  arm64-darwin-23
  ruby

DEPENDENCIES
  obfuscate (~> 0.1.1)

BUNDLED WITH
   2.5.3
