GEM
  remote: https://rubygems.org/
  specs:
    coderay (1.1.3)
    colorize (1.1.0)
    method_source (1.0.0)
    obfuscate (0.1.1)
      otherinbox-crypt19 (~> 1.2.1)
    otherinbox-crypt19 (1.2.1)
    pry (0.14.2)
      coderay (~> 1.1)
      method_source (~> 1.0)

PLATFORMS
  arm64-darwin-23
  ruby

DEPENDENCIES
  colorize (~> 1.1)
  obfuscate (~> 0.1.1)
  pry

BUNDLED WITH
   2.5.3
